PATH
  remote: .
  specs:
    protobug (0.1.0)

PATH
  remote: gen/protobug_compiler_protos
  specs:
    protobug_compiler_protos (0.1.0)
      protobug
      protobug_well_known_protos

PATH
  remote: gen/protobug_conformance_protos
  specs:
    protobug_conformance_protos (0.1.0)
      protobug
      protobug_well_known_protos

PATH
  remote: gen/protobug_googleapis_field_behavior_protos
  specs:
    protobug_googleapis_field_behavior_protos (0.1.0)
      protobug_well_known_protos (= 0.1.0)

PATH
  remote: gen/protobug_sigstore_protos
  specs:
    protobug_sigstore_protos (0.1.0)
      protobug
      protobug_googleapis_field_behavior_protos
      protobug_well_known_protos

PATH
  remote: gen/protobug_well_known_protos
  specs:
    protobug_well_known_protos (0.1.0)
      protobug

PATH
  remote: protobug-compiler
  specs:
    protobug-compiler (0.1.0)
      delegate
      forwardable
      prettier_print (~> 1.2, >= 1.2.1)
      protobug (= 0.1.0)
      protobug_compiler_protos (= 0.1.0)

GEM
  remote: https://rubygems.org/
  specs:
    ast (2.4.2)
    delegate (0.3.1)
    diff-lcs (1.5.1)
    docile (1.4.0)
    forwardable (1.3.3)
    json (2.7.1)
    language_server-protocol (3.17.0.3)
    minitest (5.22.3)
    parallel (1.24.0)
    parser (3.3.0.5)
      ast (~> 2.4.1)
      racc
    prettier_print (1.2.1)
    racc (1.7.3)
    rainbow (3.1.1)
    rake (13.1.0)
    regexp_parser (2.9.0)
    rexml (3.2.6)
    rspec (3.12.0)
      rspec-core (~> 3.12.0)
      rspec-expectations (~> 3.12.0)
      rspec-mocks (~> 3.12.0)
    rspec-core (3.12.2)
      rspec-support (~> 3.12.0)
    rspec-expectations (3.12.3)
      diff-lcs (>= 1.2.0, < 2.0)
      rspec-support (~> 3.12.0)
    rspec-mocks (3.12.6)
      diff-lcs (>= 1.2.0, < 2.0)
      rspec-support (~> 3.12.0)
    rspec-support (3.12.1)
    rubocop (1.60.2)
      json (~> 2.3)
      language_server-protocol (>= 3.17.0)
      parallel (~> 1.10)
      parser (>= 3.3.0.2)
      rainbow (>= 2.2.2, < 4.0)
      regexp_parser (>= 1.8, < 3.0)
      rexml (>= 3.2.5, < 4.0)
      rubocop-ast (>= 1.30.0, < 2.0)
      ruby-progressbar (~> 1.7)
      unicode-display_width (>= 2.4.0, < 3.0)
    rubocop-ast (1.30.0)
      parser (>= 3.2.1.0)
    rubocop-capybara (2.20.0)
      rubocop (~> 1.41)
    rubocop-factory_bot (2.25.1)
      rubocop (~> 1.41)
    rubocop-minitest (0.34.5)
      rubocop (>= 1.39, < 2.0)
      rubocop-ast (>= 1.30.0, < 2.0)
    rubocop-rake (0.6.0)
      rubocop (~> 1.0)
    rubocop-rspec (2.27.1)
      rubocop (~> 1.40)
      rubocop-capybara (~> 2.17)
      rubocop-factory_bot (~> 2.22)
    ruby-progressbar (1.13.0)
    simplecov (0.22.0)
      docile (~> 1.1)
      simplecov-html (~> 0.11)
      simplecov_json_formatter (~> 0.1)
    simplecov-html (0.12.3)
    simplecov_json_formatter (0.1.4)
    unicode-display_width (2.5.0)

PLATFORMS
  arm64-darwin-23
  ruby

DEPENDENCIES
  minitest (~> 5.22)
  protobug!
  protobug-compiler!
  protobug_compiler_protos!
  protobug_conformance_protos!
  protobug_googleapis_field_behavior_protos!
  protobug_sigstore_protos!
  protobug_well_known_protos!
  rake (~> 13.0)
  rspec (~> 3.0)
  rubocop (~> 1.21)
  rubocop-minitest (~> 0.34.5)
  rubocop-rake (~> 0.6.0)
  rubocop-rspec (~> 2.27)
  simplecov (~> 0.22.0)

BUNDLED WITH
   2.4.4
