PATH
  remote: .
  specs:
    protobug (0.1.1)

PATH
  remote: gen/protobug_compiler_protos
  specs:
    protobug_compiler_protos (0.1.1)
      protobug (= 0.1.1)
      protobug_well_known_protos (= 0.1.1)

PATH
  remote: gen/protobug_conformance_protos
  specs:
    protobug_conformance_protos (0.1.1)
      protobug (= 0.1.1)
      protobug_well_known_protos (= 0.1.1)

PATH
  remote: gen/protobug_googleapis_field_behavior_protos
  specs:
    protobug_googleapis_field_behavior_protos (0.1.1)
      protobug (= 0.1.1)
      protobug_well_known_protos (= 0.1.1)

PATH
  remote: gen/protobug_sigstore_protos
  specs:
    protobug_sigstore_protos (0.1.1)
      protobug (= 0.1.1)
      protobug_googleapis_field_behavior_protos (= 0.1.1)
      protobug_well_known_protos (= 0.1.1)

PATH
  remote: gen/protobug_well_known_protos
  specs:
    protobug_well_known_protos (0.1.1)
      protobug (= 0.1.1)

PATH
  remote: protobug-compiler
  specs:
    protobug-compiler (0.1.1)
      delegate
      forwardable
      prettier_print (~> 1.2, >= 1.2.1)
      protobug (= 0.1.1)
      protobug_compiler_protos (= 0.1.1)

GEM
  remote: https://rubygems.org/
  specs:
    ast (2.4.3)
    delegate (0.4.0)
    diff-lcs (1.5.1)
    docile (1.4.0)
    forwardable (1.3.3)
    json (2.10.2)
    json (2.10.2-java)
    language_server-protocol (3.17.0.4)
    lint_roller (1.1.0)
    minitest (5.25.4)
    parallel (1.26.3)
    parser (3.3.7.4)
      ast (~> 2.4.1)
      racc
    prettier_print (1.2.1)
    prism (1.4.0)
    racc (1.8.1)
    racc (1.8.1-java)
    rainbow (3.1.1)
    rake (13.2.1)
    regexp_parser (2.10.0)
    rspec (3.13.0)
      rspec-core (~> 3.13.0)
      rspec-expectations (~> 3.13.0)
      rspec-mocks (~> 3.13.0)
    rspec-core (3.13.0)
      rspec-support (~> 3.13.0)
    rspec-expectations (3.13.0)
      diff-lcs (>= 1.2.0, < 2.0)
      rspec-support (~> 3.13.0)
    rspec-mocks (3.13.0)
      diff-lcs (>= 1.2.0, < 2.0)
      rspec-support (~> 3.13.0)
    rspec-support (3.13.1)
    rubocop (1.75.1)
      json (~> 2.3)
      language_server-protocol (~> 3.17.0.2)
      lint_roller (~> 1.1.0)
      parallel (~> 1.10)
      parser (>= 3.3.0.2)
      rainbow (>= 2.2.2, < 4.0)
      regexp_parser (>= 2.9.3, < 3.0)
      rubocop-ast (>= 1.43.0, < 2.0)
      ruby-progressbar (~> 1.7)
      unicode-display_width (>= 2.4.0, < 4.0)
    rubocop-ast (1.43.0)
      parser (>= 3.3.7.2)
      prism (~> 1.4)
    rubocop-minitest (0.38.0)
      lint_roller (~> 1.1)
      rubocop (>= 1.75.0, < 2.0)
      rubocop-ast (>= 1.38.0, < 2.0)
    rubocop-rake (0.6.0)
      rubocop (~> 1.0)
    rubocop-rspec (3.4.0)
      rubocop (~> 1.61)
    ruby-progressbar (1.13.0)
    simplecov (0.22.0)
      docile (~> 1.1)
      simplecov-html (~> 0.11)
      simplecov_json_formatter (~> 0.1)
    simplecov-html (0.12.3)
    simplecov_json_formatter (0.1.4)
    unicode-display_width (3.1.4)
      unicode-emoji (~> 4.0, >= 4.0.4)
    unicode-emoji (4.0.4)

PLATFORMS
  aarch64-linux
  arm-linux
  arm64-darwin
  arm64-linux
  java
  universal-java
  universal-java-11
  x64-mingw-ucrt
  x64-mingw32
  x86-linux
  x86_64-darwin
  x86_64-linux

DEPENDENCIES
  minitest (~> 5.25)
  protobug!
  protobug-compiler!
  protobug_compiler_protos!
  protobug_conformance_protos!
  protobug_googleapis_field_behavior_protos!
  protobug_sigstore_protos!
  protobug_well_known_protos!
  rake (~> 13.2)
  rspec (~> 3.13)
  rubocop (~> 1.64)
  rubocop-minitest (~> 0.38.0)
  rubocop-rake (~> 0.6.0)
  rubocop-rspec (~> 3.4)
  simplecov (~> 0.22.0)

BUNDLED WITH
   2.5.18
